GEM
  remote: https://rubygems.org/
  specs:
    activesupport (3.0.0)
    gemcutter (0.6.1)
    git (1.2.5)
    i18n (0.4.1)
    jeweler (1.4.0)
      gemcutter (>= 0.1.0)
      git (>= 1.2.5)
      rubyforge (>= 2.0.0)
    json_pure (1.4.6)
    rubyforge (2.0.4)
      json_pure (>= 1.1.7)
    test-unit (2.1.1)

PLATFORMS
  ruby

DEPENDENCIES
  activesupport (>= 2.3.9)
  i18n (>= 0.4.1)
  jeweler
  test-unit
